GEM
  remote: https://rubygems.org/
  specs:
    awesome_print (1.7.0)
    coderay (1.1.1)
    hobby (0.0.8)
      rack
    hobby-pages (0.0.0)
      hobby (>= 0.0.8)
      sass
      slim
      tilt
    method_source (0.8.2)
    pry (0.10.4)
      coderay (~> 1.1.0)
      method_source (~> 0.8.1)
      slop (~> 3.4)
    rack (2.0.3)
    sass (3.4.24)
    sequel (4.47.0)
    slim (3.0.8)
      temple (>= 0.7.6, < 0.9)
      tilt (>= 1.3.3, < 2.1)
    slop (3.6.0)
    sqlite3 (1.3.13)
    temple (0.8.0)
    tilt (2.0.7)

PLATFORMS
  ruby

DEPENDENCIES
  awesome_print
  hobby-pages
  pry
  sequel
  sqlite3

BUNDLED WITH
   1.15.1
