GEM
  remote: https://rubygems.org/
  remote: https://rails-assets.org/
  specs:
    awesome_print (1.8.0)
    coderay (1.1.1)
    coffee-script (2.4.1)
      coffee-script-source
      execjs
    coffee-script-source (1.12.2)
    concurrent-ruby (1.0.5)
    execjs (2.7.0)
    foundation-scss (6.3.1.0)
      sass_paths
    hobby (0.0.10)
      rack
    hobby-json (0.0.4)
      rack
    hobby-pages (0.0.6)
      coffee-script
      hobby (>= 0.0.9)
      sass
      slim
      sprockets
      tilt
    method_source (0.8.2)
    pry (0.10.4)
      coderay (~> 1.1.0)
      method_source (~> 0.8.1)
      slop (~> 3.4)
    puma (3.9.1)
    rack (2.0.3)
    rails-assets-angular (1.6.4)
    rails-assets-ngInfiniteScroll (1.3.4)
      rails-assets-angular (>= 1.2.0)
    sass (3.4.24)
    sass_paths (2.0.0)
      sass (~> 3.2)
    sequel (4.47.0)
    slim (3.0.8)
      temple (>= 0.7.6, < 0.9)
      tilt (>= 1.3.3, < 2.1)
    slop (3.6.0)
    sprockets (3.7.1)
      concurrent-ruby (~> 1.0)
      rack (> 1, < 3)
    sqlite3 (1.3.13)
    temple (0.8.0)
    tilt (2.0.7)

PLATFORMS
  ruby

DEPENDENCIES
  awesome_print!
  foundation-scss!
  hobby-json!
  hobby-pages!
  pry!
  puma!
  rails-assets-angular!
  rails-assets-ngInfiniteScroll!
  sequel!
  sqlite3!

BUNDLED WITH
   1.15.1
